GIT
  remote: https://github.com/ClearlyClaire/webpush.git
  revision: f14a4d52e201128b1b00245d11b6de80d6cfdcd9
  ref: f14a4d52e201128b1b00245d11b6de80d6cfdcd9
  specs:
    webpush (0.3.8)
      hkdf (~> 0.2)
      jwt (~> 2.0)

GEM
  remote: https://rubygems.org/
  specs:
    actioncable (6.1.7.2)
      actionpack (= 6.1.7.2)
      activesupport (= 6.1.7.2)
      nio4r (~> 2.0)
      websocket-driver (>= 0.6.1)
    actionmailbox (6.1.7.2)
      actionpack (= 6.1.7.2)
      activejob (= 6.1.7.2)
      activerecord (= 6.1.7.2)
      activestorage (= 6.1.7.2)
      activesupport (= 6.1.7.2)
      mail (>= 2.7.1)
    actionmailer (6.1.7.2)
      actionpack (= 6.1.7.2)
      actionview (= 6.1.7.2)
      activejob (= 6.1.7.2)
      activesupport (= 6.1.7.2)
      mail (~> 2.5, >= 2.5.4)
      rails-dom-testing (~> 2.0)
    actionpack (6.1.7.2)
      actionview (= 6.1.7.2)
      activesupport (= 6.1.7.2)
      rack (~> 2.0, >= 2.0.9)
      rack-test (>= 0.6.3)
      rails-dom-testing (~> 2.0)
      rails-html-sanitizer (~> 1.0, >= 1.2.0)
    actiontext (6.1.7.2)
      actionpack (= 6.1.7.2)
      activerecord (= 6.1.7.2)
      activestorage (= 6.1.7.2)
      activesupport (= 6.1.7.2)
      nokogiri (>= 1.8.5)
    actionview (6.1.7.2)
      activesupport (= 6.1.7.2)
      builder (~> 3.1)
      erubi (~> 1.4)
      rails-dom-testing (~> 2.0)
      rails-html-sanitizer (~> 1.1, >= 1.2.0)
    active_model_serializers (0.10.13)
      actionpack (>= 4.1, < 7.1)
      activemodel (>= 4.1, < 7.1)
      case_transform (>= 0.2)
      jsonapi-renderer (>= 0.1.1.beta1, < 0.3)
    active_record_query_trace (1.8)
    activejob (6.1.7.2)
      activesupport (= 6.1.7.2)
      globalid (>= 0.3.6)
    activemodel (6.1.7.2)
      activesupport (= 6.1.7.2)
    activerecord (6.1.7.2)
      activemodel (= 6.1.7.2)
      activesupport (= 6.1.7.2)
    activestorage (6.1.7.2)
      actionpack (= 6.1.7.2)
      activejob (= 6.1.7.2)
      activerecord (= 6.1.7.2)
      activesupport (= 6.1.7.2)
      marcel (~> 1.0)
      mini_mime (>= 1.1.0)
    activesupport (6.1.7.2)
      concurrent-ruby (~> 1.0, >= 1.0.2)
      i18n (>= 1.6, < 2)
      minitest (>= 5.1)
      tzinfo (~> 2.0)
      zeitwerk (~> 2.3)
    addressable (2.8.1)
      public_suffix (>= 2.0.2, < 6.0)
    aes_key_wrap (1.1.0)
    airbrussh (1.4.1)
      sshkit (>= 1.6.1, != 1.7.0)
    android_key_attestation (0.3.0)
    annotate (3.2.0)
      activerecord (>= 3.2, < 8.0)
      rake (>= 10.4, < 14.0)
    ast (2.4.2)
    attr_encrypted (3.1.0)
      encryptor (~> 3.0.0)
    attr_required (1.0.1)
    awrence (1.2.1)
    aws-eventstream (1.2.0)
    aws-partitions (1.701.0)
    aws-sdk-core (3.170.0)
      aws-eventstream (~> 1, >= 1.0.2)
      aws-partitions (~> 1, >= 1.651.0)
      aws-sigv4 (~> 1.5)
      jmespath (~> 1, >= 1.6.1)
    aws-sdk-kms (1.62.0)
      aws-sdk-core (~> 3, >= 3.165.0)
      aws-sigv4 (~> 1.1)
    aws-sdk-s3 (1.119.0)
      aws-sdk-core (~> 3, >= 3.165.0)
      aws-sdk-kms (~> 1)
      aws-sigv4 (~> 1.4)
    aws-sigv4 (1.5.2)
      aws-eventstream (~> 1, >= 1.0.2)
    bcrypt (3.1.17)
    better_errors (2.9.1)
      coderay (>= 1.0.0)
      erubi (>= 1.0.0)
      rack (>= 0.9.0)
    better_html (2.0.1)
      actionview (>= 6.0)
      activesupport (>= 6.0)
      ast (~> 2.0)
      erubi (~> 1.4)
      parser (>= 2.4)
      smart_properties
    bindata (2.4.14)
    binding_of_caller (1.0.0)
      debug_inspector (>= 0.0.1)
    blurhash (0.1.6)
      ffi (~> 1.14)
    bootsnap (1.16.0)
      msgpack (~> 1.2)
    brakeman (5.4.0)
    browser (4.2.0)
    brpoplpush-redis_script (0.1.3)
      concurrent-ruby (~> 1.0, >= 1.0.5)
      redis (>= 1.0, < 6)
    builder (3.2.4)
    bullet (7.0.7)
      activesupport (>= 3.0.0)
      uniform_notifier (~> 1.11)
    bundler-audit (0.9.1)
      bundler (>= 1.2.0, < 3)
      thor (~> 1.0)
    byebug (11.1.3)
    capistrano (3.17.1)
      airbrussh (>= 1.0.0)
      i18n
      rake (>= 10.0.0)
      sshkit (>= 1.9.0)
    capistrano-bundler (2.0.1)
      capistrano (~> 3.1)
    capistrano-rails (1.6.2)
      capistrano (~> 3.1)
      capistrano-bundler (>= 1.1, < 3)
    capistrano-rbenv (2.2.0)
      capistrano (~> 3.1)
      sshkit (~> 1.3)
    capistrano-yarn (2.0.2)
      capistrano (~> 3.0)
    capybara (3.38.0)
      addressable
      matrix
      mini_mime (>= 0.1.3)
      nokogiri (~> 1.8)
      rack (>= 1.6.0)
      rack-test (>= 0.6.3)
      regexp_parser (>= 1.5, < 3.0)
      xpath (~> 3.2)
    case_transform (0.2)
      activesupport
    cbor (0.5.9.6)
    charlock_holmes (0.7.7)
    chewy (7.2.4)
      activesupport (>= 5.2)
      elasticsearch (>= 7.12.0, < 7.14.0)
      elasticsearch-dsl
    chunky_png (1.4.0)
    climate_control (0.2.0)
    cocoon (1.2.15)
    coderay (1.1.3)
    color_diff (0.1)
    concurrent-ruby (1.2.0)
    connection_pool (2.3.0)
    cose (1.2.1)
      cbor (~> 0.5.9)
      openssl-signature_algorithm (~> 1.0)
    crack (0.4.5)
      rexml
    crass (1.0.6)
    css_parser (1.12.0)
      addressable
    date (3.3.3)
    debug_inspector (1.0.0)
    devise (4.8.1)
      bcrypt (~> 3.0)
      orm_adapter (~> 0.1)
      railties (>= 4.1.0)
      responders
      warden (~> 1.2.3)
    devise-two-factor (4.0.2)
      activesupport (< 7.1)
      attr_encrypted (>= 1.3, < 4, != 2)
      devise (~> 4.0)
      railties (< 7.1)
      rotp (~> 6.0)
    devise_pam_authenticatable2 (9.2.0)
      devise (>= 4.0.0)
      rpam2 (~> 4.0)
    diff-lcs (1.5.0)
    discard (1.2.1)
      activerecord (>= 4.2, < 8)
    docile (1.4.0)
    domain_name (0.5.20190701)
      unf (>= 0.0.5, < 1.0.0)
    doorkeeper (5.6.4)
      railties (>= 5)
    dotenv (2.8.1)
    dotenv-rails (2.8.1)
      dotenv (= 2.8.1)
      railties (>= 3.2)
    ed25519 (1.3.0)
    elasticsearch (7.13.3)
      elasticsearch-api (= 7.13.3)
      elasticsearch-transport (= 7.13.3)
    elasticsearch-api (7.13.3)
      multi_json
    elasticsearch-dsl (0.1.10)
    elasticsearch-transport (7.13.3)
      faraday (~> 1)
      multi_json
    encryptor (3.0.0)
    erubi (1.12.0)
    et-orbi (1.2.7)
      tzinfo
    excon (0.95.0)
    fabrication (2.30.0)
    faker (3.1.1)
      i18n (>= 1.8.11, < 2)
    faraday (1.9.3)
      faraday-em_http (~> 1.0)
      faraday-em_synchrony (~> 1.0)
      faraday-excon (~> 1.1)
      faraday-httpclient (~> 1.0)
      faraday-multipart (~> 1.0)
      faraday-net_http (~> 1.0)
      faraday-net_http_persistent (~> 1.0)
      faraday-patron (~> 1.0)
      faraday-rack (~> 1.0)
      faraday-retry (~> 1.0)
      ruby2_keywords (>= 0.0.4)
    faraday-em_http (1.0.0)
    faraday-em_synchrony (1.0.0)
    faraday-excon (1.1.0)
    faraday-httpclient (1.0.1)
    faraday-multipart (1.0.3)
      multipart-post (>= 1.2, < 3)
    faraday-net_http (1.0.1)
    faraday-net_http_persistent (1.2.0)
    faraday-patron (1.0.0)
    faraday-rack (1.0.0)
    faraday-retry (1.0.3)
    fast_blank (1.0.1)
    fastimage (2.2.6)
    ffi (1.15.5)
    ffi-compiler (1.0.1)
      ffi (>= 1.0.0)
      rake
    fog-core (2.1.0)
      builder
      excon (~> 0.58)
      formatador (~> 0.2)
      mime-types
    fog-json (1.2.0)
      fog-core
      multi_json (~> 1.10)
    fog-openstack (0.3.10)
      fog-core (>= 1.45, <= 2.1.0)
      fog-json (>= 1.0)
      ipaddress (>= 0.8)
    formatador (0.3.0)
    fugit (1.7.1)
      et-orbi (~> 1, >= 1.2.7)
      raabro (~> 1.4)
    fuubar (2.5.1)
      rspec-core (~> 3.0)
      ruby-progressbar (~> 1.4)
    gitlab-omniauth-openid-connect (0.10.1)
      addressable (~> 2.7)
      omniauth (>= 1.9, < 3)
      openid_connect (~> 1.2)
    globalid (1.1.0)
      activesupport (>= 5.0)
    hamlit (2.13.0)
      temple (>= 0.8.2)
      thor
      tilt
    hamlit-rails (0.2.3)
      actionpack (>= 4.0.1)
      activesupport (>= 4.0.1)
      hamlit (>= 1.2.0)
      railties (>= 4.0.1)
    hashdiff (1.0.1)
    hashie (5.0.0)
    highline (2.0.3)
    hiredis (0.6.3)
    hkdf (0.3.0)
    htmlentities (4.3.4)
    http (5.1.1)
      addressable (~> 2.8)
      http-cookie (~> 1.0)
      http-form_data (~> 2.2)
      llhttp-ffi (~> 0.4.0)
    http-cookie (1.0.5)
      domain_name (~> 0.5)
    http-form_data (2.3.0)
    http_accept_language (2.1.1)
    httpclient (2.8.3)
    httplog (1.6.2)
      rack (>= 2.0)
      rainbow (>= 2.0.0)
    i18n (1.12.0)
      concurrent-ruby (~> 1.0)
    i18n-tasks (1.0.12)
      activesupport (>= 4.0.2)
      ast (>= 2.1.0)
      better_html (>= 1.0, < 3.0)
      erubi
      highline (>= 2.0.0)
      i18n
      parser (>= 2.2.3.0)
      rails-i18n
      rainbow (>= 2.2.2, < 4.0)
      terminal-table (>= 1.5.1)
    idn-ruby (0.1.5)
    ipaddress (0.8.3)
    jmespath (1.6.2)
    json (2.6.3)
    json-canonicalization (0.3.0)
    json-jwt (1.15.3)
      activesupport (>= 4.2)
      aes_key_wrap
      bindata
      httpclient
    json-ld (3.2.3)
      htmlentities (~> 4.3)
      json-canonicalization (~> 0.3)
      link_header (~> 0.0, >= 0.0.8)
      multi_json (~> 1.15)
      rack (~> 2.2)
      rdf (~> 3.2, >= 3.2.9)
    json-ld-preloaded (3.2.2)
      json-ld (~> 3.2)
      rdf (~> 3.2)
    json-schema (3.0.0)
      addressable (>= 2.8)
    jsonapi-renderer (0.2.2)
    jwt (2.5.0)
    kaminari (1.2.2)
      activesupport (>= 4.1.0)
      kaminari-actionview (= 1.2.2)
      kaminari-activerecord (= 1.2.2)
      kaminari-core (= 1.2.2)
    kaminari-actionview (1.2.2)
      actionview
      kaminari-core (= 1.2.2)
    kaminari-activerecord (1.2.2)
      activerecord
      kaminari-core (= 1.2.2)
    kaminari-core (1.2.2)
    kt-paperclip (7.1.1)
      activemodel (>= 4.2.0)
      activesupport (>= 4.2.0)
      marcel (~> 1.0.1)
      mime-types
      terrapin (~> 0.6.0)
    launchy (2.5.0)
      addressable (~> 2.7)
    letter_opener (1.8.1)
      launchy (>= 2.2, < 3)
    letter_opener_web (2.0.0)
      actionmailer (>= 5.2)
      letter_opener (~> 1.7)
      railties (>= 5.2)
      rexml
    link_header (0.0.8)
    llhttp-ffi (0.4.0)
      ffi-compiler (~> 1.0)
      rake (~> 13.0)
    lograge (0.12.0)
      actionpack (>= 4)
      activesupport (>= 4)
      railties (>= 4)
      request_store (~> 1.0)
    loofah (2.19.1)
      crass (~> 1.0.2)
      nokogiri (>= 1.5.9)
    mail (2.8.0.1)
      mini_mime (>= 0.1.1)
      net-imap
      net-pop
      net-smtp
    makara (0.5.1)
      activerecord (>= 5.2.0)
    marcel (1.0.2)
    mario-redis-lock (1.2.1)
      redis (>= 3.0.5)
    matrix (0.4.2)
    memory_profiler (1.0.1)
    method_source (1.0.0)
    mime-types (3.4.1)
      mime-types-data (~> 3.2015)
    mime-types-data (3.2022.0105)
    mini_mime (1.1.2)
    mini_portile2 (2.8.1)
    minitest (5.17.0)
    msgpack (1.6.0)
    multi_json (1.15.0)
    multipart-post (2.1.1)
    net-imap (0.3.4)
      date
      net-protocol
    net-ldap (0.17.1)
    net-pop (0.1.2)
      net-protocol
    net-protocol (0.2.1)
      timeout
    net-scp (4.0.0.rc1)
      net-ssh (>= 2.6.5, < 8.0.0)
    net-smtp (0.3.3)
      net-protocol
    net-ssh (7.0.1)
    nio4r (2.5.8)
    nokogiri (1.14.1)
      mini_portile2 (~> 2.8.0)
      racc (~> 1.4)
    nsa (0.2.8)
      activesupport (>= 4.2, < 7)
      concurrent-ruby (~> 1.0, >= 1.0.2)
      sidekiq (>= 3.5)
      statsd-ruby (~> 1.4, >= 1.4.0)
    oj (3.13.23)
    omniauth (1.9.2)
      hashie (>= 3.4.6)
      rack (>= 1.6.2, < 3)
    omniauth-cas (2.0.0)
      addressable (~> 2.3)
      nokogiri (~> 1.5)
      omniauth (~> 1.2)
    omniauth-rails_csrf_protection (0.1.2)
      actionpack (>= 4.2)
      omniauth (>= 1.3.1)
    omniauth-saml (1.10.3)
      omniauth (~> 1.3, >= 1.3.2)
      ruby-saml (~> 1.9)
    openid_connect (1.4.2)
      activemodel
      attr_required (>= 1.0.0)
      json-jwt (>= 1.15.0)
      net-smtp
      rack-oauth2 (~> 1.21)
      swd (~> 1.3)
      tzinfo
      validate_email
      validate_url
      webfinger (~> 1.2)
    openssl (3.0.0)
    openssl-signature_algorithm (1.2.1)
      openssl (> 2.0, < 3.1)
    orm_adapter (0.5.0)
    ox (2.14.14)
    parallel (1.22.1)
    parser (3.2.0.0)
      ast (~> 2.4.1)
    parslet (2.0.0)
    pastel (0.8.0)
      tty-color (~> 0.5)
    pg (1.4.5)
    pghero (3.1.0)
      activerecord (>= 6)
    pkg-config (1.5.1)
    posix-spawn (0.3.15)
    premailer (1.18.0)
      addressable
      css_parser (>= 1.12.0)
      htmlentities (>= 4.0.0)
    premailer-rails (1.12.0)
      actionmailer (>= 3)
      net-smtp
      premailer (~> 1.7, >= 1.7.9)
    private_address_check (0.5.0)
    pry (0.14.1)
      coderay (~> 1.1)
      method_source (~> 1.0)
    pry-byebug (3.10.1)
      byebug (~> 11.0)
      pry (>= 0.13, < 0.15)
    pry-rails (0.3.9)
      pry (>= 0.10.4)
    public_suffix (5.0.1)
    puma (5.6.5)
      nio4r (~> 2.0)
    pundit (2.3.0)
      activesupport (>= 3.0.0)
    raabro (1.4.0)
    racc (1.6.2)
    rack (2.2.6.2)
    rack-attack (6.6.1)
      rack (>= 1.0, < 3)
    rack-cors (1.1.1)
      rack (>= 2.0.0)
    rack-oauth2 (1.21.3)
      activesupport
      attr_required
      httpclient
      json-jwt (>= 1.11.0)
      rack (>= 2.1.0)
    rack-proxy (0.7.6)
      rack
    rack-test (2.0.2)
      rack (>= 1.3)
    rails (6.1.7.2)
      actioncable (= 6.1.7.2)
      actionmailbox (= 6.1.7.2)
      actionmailer (= 6.1.7.2)
      actionpack (= 6.1.7.2)
      actiontext (= 6.1.7.2)
      actionview (= 6.1.7.2)
      activejob (= 6.1.7.2)
      activemodel (= 6.1.7.2)
      activerecord (= 6.1.7.2)
      activestorage (= 6.1.7.2)
      activesupport (= 6.1.7.2)
      bundler (>= 1.15.0)
      railties (= 6.1.7.2)
      sprockets-rails (>= 2.0.0)
    rails-controller-testing (1.0.5)
      actionpack (>= 5.0.1.rc1)
      actionview (>= 5.0.1.rc1)
      activesupport (>= 5.0.1.rc1)
    rails-dom-testing (2.0.3)
      activesupport (>= 4.2.0)
      nokogiri (>= 1.6)
    rails-html-sanitizer (1.5.0)
      loofah (~> 2.19, >= 2.19.1)
    rails-i18n (6.0.0)
      i18n (>= 0.7, < 2)
      railties (>= 6.0.0, < 7)
    rails-settings-cached (0.6.6)
      rails (>= 4.2.0)
    railties (6.1.7.2)
      actionpack (= 6.1.7.2)
      activesupport (= 6.1.7.2)
      method_source
      rake (>= 12.2)
      thor (~> 1.0)
    rainbow (3.1.1)
    rake (13.0.6)
    rdf (3.2.9)
      link_header (~> 0.0, >= 0.0.8)
    rdf-normalize (0.5.1)
      rdf (~> 3.2)
    redcarpet (3.6.0)
    redis (4.5.1)
    redis-namespace (1.10.0)
      redis (>= 4)
    redlock (1.3.2)
      redis (>= 3.0.0, < 6.0)
    regexp_parser (2.6.2)
    request_store (1.5.1)
      rack (>= 1.4)
    responders (3.0.1)
      actionpack (>= 5.0)
      railties (>= 5.0)
    rexml (3.2.5)
    rotp (6.2.0)
    rpam2 (4.0.2)
    rqrcode (2.1.2)
      chunky_png (~> 1.0)
      rqrcode_core (~> 1.0)
    rqrcode_core (1.2.0)
    rspec-core (3.11.0)
      rspec-support (~> 3.11.0)
    rspec-expectations (3.11.0)
      diff-lcs (>= 1.2.0, < 2.0)
      rspec-support (~> 3.11.0)
    rspec-mocks (3.11.1)
      diff-lcs (>= 1.2.0, < 2.0)
      rspec-support (~> 3.11.0)
    rspec-rails (5.1.2)
      actionpack (>= 5.2)
      activesupport (>= 5.2)
      railties (>= 5.2)
      rspec-core (~> 3.10)
      rspec-expectations (~> 3.10)
      rspec-mocks (~> 3.10)
      rspec-support (~> 3.10)
    rspec-sidekiq (3.1.0)
      rspec-core (~> 3.0, >= 3.0.0)
      sidekiq (>= 2.4.0)
    rspec-support (3.11.1)
    rspec_junit_formatter (0.6.0)
      rspec-core (>= 2, < 4, != 2.12.0)
    rubocop (1.44.1)
      json (~> 2.3)
      parallel (~> 1.10)
      parser (>= 3.2.0.0)
      rainbow (>= 2.2.2, < 4.0)
      regexp_parser (>= 1.8, < 3.0)
      rexml (>= 3.2.5, < 4.0)
      rubocop-ast (>= 1.24.1, < 2.0)
      ruby-progressbar (~> 1.7)
      unicode-display_width (>= 2.4.0, < 3.0)
    rubocop-ast (1.24.1)
      parser (>= 3.1.1.0)
    rubocop-capybara (2.17.0)
      rubocop (~> 1.41)
    rubocop-performance (1.16.0)
      rubocop (>= 1.7.0, < 2.0)
      rubocop-ast (>= 0.4.0)
    rubocop-rails (2.17.4)
      activesupport (>= 4.2.0)
      rack (>= 1.1)
      rubocop (>= 1.33.0, < 2.0)
    rubocop-rspec (2.18.1)
      rubocop (~> 1.33)
      rubocop-capybara (~> 2.17)
    ruby-progressbar (1.11.0)
    ruby-saml (1.13.0)
      nokogiri (>= 1.10.5)
      rexml
    ruby2_keywords (0.0.5)
    rufus-scheduler (3.8.2)
      fugit (~> 1.1, >= 1.1.6)
    safety_net_attestation (0.4.0)
      jwt (~> 2.0)
    sanitize (6.0.1)
      crass (~> 1.0.2)
      nokogiri (>= 1.12.0)
    scenic (1.7.0)
      activerecord (>= 4.0.0)
      railties (>= 4.0.0)
    semantic_range (3.0.0)
    sidekiq (6.5.8)
      connection_pool (>= 2.2.5, < 3)
      rack (~> 2.0)
      redis (>= 4.5.0, < 5)
    sidekiq-bulk (0.2.0)
      sidekiq
    sidekiq-scheduler (4.0.3)
      redis (>= 4.2.0)
      rufus-scheduler (~> 3.2)
      sidekiq (>= 4, < 7)
      tilt (>= 1.4.0)
    sidekiq-unique-jobs (7.1.29)
      brpoplpush-redis_script (> 0.1.1, <= 2.0.0)
      concurrent-ruby (~> 1.0, >= 1.0.5)
      redis (< 5.0)
      sidekiq (>= 5.0, < 7.0)
      thor (>= 0.20, < 3.0)
    simple-navigation (4.4.0)
      activesupport (>= 2.3.2)
    simple_form (5.2.0)
      actionpack (>= 5.2)
      activemodel (>= 5.2)
    simplecov (0.22.0)
      docile (~> 1.1)
      simplecov-html (~> 0.11)
      simplecov_json_formatter (~> 0.1)
    simplecov-html (0.12.3)
    simplecov_json_formatter (0.1.4)
    smart_properties (1.17.0)
    sprockets (3.7.2)
      concurrent-ruby (~> 1.0)
      rack (> 1, < 3)
    sprockets-rails (3.4.2)
      actionpack (>= 5.2)
      activesupport (>= 5.2)
      sprockets (>= 3.0.0)
    sshkit (1.21.2)
      net-scp (>= 1.1.2)
      net-ssh (>= 2.8.0)
    stackprof (0.2.23)
    statsd-ruby (1.5.0)
    stoplight (3.0.1)
      redlock (~> 1.0)
    strong_migrations (0.7.9)
      activerecord (>= 5)
    swd (1.3.0)
      activesupport (>= 3)
      attr_required (>= 0.0.5)
      httpclient (>= 2.4)
    temple (0.8.2)
    terminal-table (3.0.2)
      unicode-display_width (>= 1.1.1, < 3)
    terrapin (0.6.0)
      climate_control (>= 0.0.3, < 1.0)
    thor (1.2.1)
    tilt (2.0.11)
    timeout (0.3.1)
    tpm-key_attestation (0.11.0)
      bindata (~> 2.4)
      openssl (> 2.0, < 3.1)
      openssl-signature_algorithm (~> 1.0)
    tty-color (0.6.0)
    tty-cursor (0.7.1)
    tty-prompt (0.23.1)
      pastel (~> 0.8)
      tty-reader (~> 0.8)
    tty-reader (0.9.0)
      tty-cursor (~> 0.7)
      tty-screen (~> 0.8)
      wisper (~> 2.0)
    tty-screen (0.8.1)
    twitter-text (3.1.0)
      idn-ruby
      unf (~> 0.1.0)
    tzinfo (2.0.6)
      concurrent-ruby (~> 1.0)
    tzinfo-data (1.2022.7)
      tzinfo (>= 1.0.0)
    unf (0.1.4)
      unf_ext
    unf_ext (0.0.8.2)
    unicode-display_width (2.4.2)
    uniform_notifier (1.16.0)
    validate_email (0.1.6)
      activemodel (>= 3.0)
      mail (>= 2.2.5)
    validate_url (1.0.15)
      activemodel (>= 3.0.0)
      public_suffix
    warden (1.2.9)
      rack (>= 2.0.9)
    webauthn (2.5.2)
      android_key_attestation (~> 0.3.0)
      awrence (~> 1.1)
      bindata (~> 2.4)
      cbor (~> 0.5.9)
      cose (~> 1.1)
      openssl (>= 2.2, < 3.1)
      safety_net_attestation (~> 0.4.0)
      tpm-key_attestation (~> 0.11.0)
    webfinger (1.2.0)
      activesupport
      httpclient (>= 2.4)
    webmock (3.18.1)
      addressable (>= 2.8.0)
      crack (>= 0.3.2)
      hashdiff (>= 0.4.0, < 2.0.0)
    webpacker (5.4.4)
      activesupport (>= 5.2)
      rack-proxy (>= 0.6.1)
      railties (>= 5.2)
      semantic_range (>= 2.3.0)
    websocket-driver (0.7.5)
      websocket-extensions (>= 0.1.0)
    websocket-extensions (0.1.5)
    wisper (2.0.1)
    xorcist (1.1.3)
    xpath (3.2.0)
      nokogiri (~> 1.8)
    zeitwerk (2.6.6)

PLATFORMS
  ruby

DEPENDENCIES
  active_model_serializers (~> 0.10)
  active_record_query_trace (~> 1.8)
  addressable (~> 2.8)
  annotate (~> 3.2)
  aws-sdk-s3 (~> 1.119)
  better_errors (~> 2.9)
  binding_of_caller (~> 1.0)
  blurhash (~> 0.1)
  bootsnap (~> 1.16.0)
  brakeman (~> 5.4)
  browser
  bullet (~> 7.0)
  bundler-audit (~> 0.9)
  capistrano (~> 3.17)
  capistrano-rails (~> 1.6)
  capistrano-rbenv (~> 2.2)
  capistrano-yarn (~> 2.0)
  capybara (~> 3.38)
  charlock_holmes (~> 0.7.7)
  chewy (~> 7.2)
  climate_control (~> 0.2)
  cocoon (~> 1.2)
  color_diff (~> 0.1)
  concurrent-ruby
  connection_pool
  devise (~> 4.8)
  devise-two-factor (~> 4.0)
  devise_pam_authenticatable2 (~> 9.2)
  discard (~> 1.2)
  doorkeeper (~> 5.6)
  dotenv-rails (~> 2.8)
  ed25519 (~> 1.3)
  fabrication (~> 2.30)
  faker (~> 3.1)
  fast_blank (~> 1.0)
  fastimage
  fog-core (<= 2.4.0)
  fog-openstack (~> 0.3)
  fuubar (~> 2.5)
  gitlab-omniauth-openid-connect (~> 0.10.1)
  hamlit-rails (~> 0.2)
  hiredis (~> 0.6)
  htmlentities (~> 4.3)
  http (~> 5.1)
  http_accept_language (~> 2.1)
  httplog (~> 1.6.2)
  i18n-tasks (~> 1.0)
  idn-ruby
  json-ld
  json-ld-preloaded (~> 3.2)
  json-schema (~> 3.0)
  kaminari (~> 1.2)
  kt-paperclip (~> 7.1)
  letter_opener (~> 1.8)
  letter_opener_web (~> 2.0)
  link_header (~> 0.0)
  lograge (~> 0.12)
  makara (~> 0.5)
  mario-redis-lock (~> 1.2)
  memory_profiler
  mime-types (~> 3.4.1)
  net-ldap (~> 0.17)
  nokogiri (~> 1.14)
  nsa (~> 0.2)
  oj (~> 3.13)
  omniauth (~> 1.9)
  omniauth-cas (~> 2.0)
  omniauth-rails_csrf_protection (~> 0.1)
  omniauth-saml (~> 1.10)
  ox (~> 2.14)
  parslet
  pg (~> 1.4)
  pghero
  pkg-config (~> 1.5)
  posix-spawn
  premailer-rails
  private_address_check (~> 0.5)
  pry-byebug (~> 3.10)
  pry-rails (~> 0.3)
  public_suffix (~> 5.0)
  puma (~> 5.6)
  pundit (~> 2.3)
  rack (~> 2.2.6)
  rack-attack (~> 6.6)
  rack-cors (~> 1.1)
  rack-test (~> 2.0)
  rails (~> 6.1.7)
  rails-controller-testing (~> 1.0)
  rails-i18n (~> 6.0)
  rails-settings-cached (~> 0.6)
  rdf-normalize (~> 0.5)
  redcarpet (~> 3.6)
  redis (~> 4.5)
  redis-namespace (~> 1.10)
  rexml (~> 3.2)
  rqrcode (~> 2.1)
  rspec-rails (~> 5.1)
  rspec-sidekiq (~> 3.1)
  rspec_junit_formatter (~> 0.6)
  rubocop
  rubocop-performance
  rubocop-rails
  rubocop-rspec
  ruby-progressbar (~> 1.11)
  sanitize (~> 6.0)
  scenic (~> 1.7)
  sidekiq (~> 6.5)
  sidekiq-bulk (~> 0.2.0)
  sidekiq-scheduler (~> 4.0)
  sidekiq-unique-jobs (~> 7.1)
  simple-navigation (~> 4.4)
  simple_form (~> 5.2)
  simplecov (~> 0.22)
  sprockets (~> 3.7.2)
  sprockets-rails (~> 3.4)
  stackprof
  stoplight (~> 3.0.1)
  strong_migrations (~> 0.7)
  thor (~> 1.2)
  tty-prompt (~> 0.23)
  twitter-text (~> 3.1.0)
  tzinfo-data (~> 1.2022)
  webauthn (~> 2.5)
  webmock (~> 3.18)
  webpacker (~> 5.4)
  webpush!
  xorcist (~> 1.1)
